GEM
  remote: http://rubygems.org/
  specs:
    builder (3.0.0)
    net-http-persistent (2.3.3)

PLATFORMS
  ruby

DEPENDENCIES
  builder (>= 2.1.2)
  net-http-persistent (>= 2.1)
